PATH
  remote: .
  specs:
    ftpd (2.1.0)
      memoizer (~> 1.0)

GEM
  remote: https://rubygems.org/
  specs:
    builder (3.2.4)
    coderay (1.1.3)
    cucumber (2.99.0)
      builder (>= 2.1.2)
      cucumber-core (~> 1.5.0)
      cucumber-wire (~> 0.0.1)
      diff-lcs (>= 1.1.3)
      gherkin (~> 4.0)
      multi_json (>= 1.7.5, < 2.0)
      multi_test (>= 0.1.2)
    cucumber-core (1.5.0)
      gherkin (~> 4.0)
    cucumber-wire (0.0.1)
    diff-lcs (1.5.0)
    double-bag-ftps (0.1.4)
    gherkin (4.1.3)
    memoizer (1.0.3)
    method_source (1.0.0)
    multi_json (1.15.0)
    multi_test (1.1.0)
    pry (0.14.2)
      coderay (~> 1.1)
      method_source (~> 1.0)
    rake (11.3.0)
    redcarpet (3.6.0)
    rspec (3.12.0)
      rspec-core (~> 3.12.0)
      rspec-expectations (~> 3.12.0)
      rspec-mocks (~> 3.12.0)
    rspec-core (3.12.1)
      rspec-support (~> 3.12.0)
    rspec-expectations (3.12.2)
      diff-lcs (>= 1.2.0, < 2.0)
      rspec-support (~> 3.12.0)
    rspec-its (1.3.0)
      rspec-core (>= 3.0.0)
      rspec-expectations (>= 3.0.0)
    rspec-mocks (3.12.4)
      diff-lcs (>= 1.2.0, < 2.0)
      rspec-support (~> 3.12.0)
    rspec-support (3.12.0)
    timecop (0.9.6)
    yard (0.8.7.6)

PLATFORMS
  x86_64-darwin-19

DEPENDENCIES
  cucumber (~> 2.0)
  double-bag-ftps (~> 0.1, >= 0.1.4)
  ftpd!
  pry
  rake (~> 11.1)
  redcarpet (~> 3.1)
  rspec (~> 3.1)
  rspec-its (~> 1.0)
  timecop (~> 0.7)
  yard (~> 0.8.7)

BUNDLED WITH
   2.4.6
